GEM
  remote: http://rubygems.org/
  specs:
    motion-redgreen (0.0.2)

PLATFORMS
  ruby

DEPENDENCIES
  motion-redgreen
