PATH
  remote: .
  specs:
    motion-define-method (0.1.0)

GEM
  remote: http://rubygems.org/
  specs:
    motion-redgreen (0.0.2)
    rake (0.9.2.2)

PLATFORMS
  ruby

DEPENDENCIES
  motion-define-method!
  motion-redgreen
  rake
